GIT
  remote: https://github.com/greenriver/carrierwave-aws.git
  revision: 35a5361e4567661dbb71c12489359d06d7b80981
  branch: gr-1.4.0-without-deprecations
  specs:
    carrierwave-aws (1.4.0)
      aws-sdk-s3 (~> 1.0)
      carrierwave (>= 0.7, < 2.1)

GIT
  remote: https://github.com/greenriver/census_api.git
  revision: 39303ab2463f50078f28c867c23cd27d525f5173
  specs:
    census_api (2.0.1)
      http

GIT
  remote: https://github.com/greenriver/hellosign-ruby-sdk.git
  revision: 112d2219341806566ae4a8f6f8d51a367e76366a
  specs:
    hellosign-ruby-sdk (3.7.10)
      faraday (~> 2.2.0)
      faraday-multipart (~> 1.0.0)
      mime-types
      multi_json

GIT
  remote: https://github.com/greenriver/nominatim.git
  revision: 9b5dcb4967b11fc252a470e28e0799f36a4c9f31
  branch: aw/faraday-2
  specs:
    nominatim (0.0.7)
      faraday (>= 2)
      multi_json

GIT
  remote: https://github.com/greenriver/pg_fixtures.git
  revision: 48c46a77893f472890cb06366d89eba6492d8c27
  specs:
    pg_fixtures (0.1.0)

GIT
  remote: https://github.com/greenriver/rails_drivers.git
  revision: 9ae472566aab064be43dbc355d4b5bb611c6d360
  branch: master
  specs:
    rails_drivers (1.2.0)
      rails (>= 5.2)

GIT
  remote: https://github.com/greenriver/stupidedi.git
  revision: 9e1b9896b371078d439e72505165082b898cd00a
  branch: master
  specs:
    stupidedi (1.4.1)
      cantor (~> 1.2.1)
      term-ansicolor (~> 1.3)

GEM
  remote: https://rubygems.org/
  specs:
    actioncable (6.1.7.3)
      actionpack (= 6.1.7.3)
      activesupport (= 6.1.7.3)
      nio4r (~> 2.0)
      websocket-driver (>= 0.6.1)
    actionmailbox (6.1.7.3)
      actionpack (= 6.1.7.3)
      activejob (= 6.1.7.3)
      activerecord (= 6.1.7.3)
      activestorage (= 6.1.7.3)
      activesupport (= 6.1.7.3)
      mail (>= 2.7.1)
    actionmailer (6.1.7.3)
      actionpack (= 6.1.7.3)
      actionview (= 6.1.7.3)
      activejob (= 6.1.7.3)
      activesupport (= 6.1.7.3)
      mail (~> 2.5, >= 2.5.4)
      rails-dom-testing (~> 2.0)
    actionpack (6.1.7.3)
      actionview (= 6.1.7.3)
      activesupport (= 6.1.7.3)
      rack (~> 2.0, >= 2.0.9)
      rack-test (>= 0.6.3)
      rails-dom-testing (~> 2.0)
      rails-html-sanitizer (~> 1.0, >= 1.2.0)
    actiontext (6.1.7.3)
      actionpack (= 6.1.7.3)
      activerecord (= 6.1.7.3)
      activestorage (= 6.1.7.3)
      activesupport (= 6.1.7.3)
      nokogiri (>= 1.8.5)
    actionview (6.1.7.3)
      activesupport (= 6.1.7.3)
      builder (~> 3.1)
      erubi (~> 1.4)
      rails-dom-testing (~> 2.0)
      rails-html-sanitizer (~> 1.1, >= 1.2.0)
    active_median (0.3.3)
      activesupport (>= 5.2)
    active_record_distinct_on (1.4.0)
      activerecord (>= 5.2, < 7.1)
    active_record_extended (3.1.0)
      activerecord (>= 5.2, < 7.1.0)
      pg (< 3.0)
    active_record_query_trace (1.8)
    activejob (6.1.7.3)
      activesupport (= 6.1.7.3)
      globalid (>= 0.3.6)
    activemodel (6.1.7.3)
      activesupport (= 6.1.7.3)
    activerecord (6.1.7.3)
      activemodel (= 6.1.7.3)
      activesupport (= 6.1.7.3)
    activerecord-import (1.4.1)
      activerecord (>= 4.2)
    activerecord-postgis-adapter (7.1.1)
      activerecord (~> 6.1)
      rgeo-activerecord (~> 7.0.0)
    activerecord-session_store (2.0.0)
      actionpack (>= 5.2.4.1)
      activerecord (>= 5.2.4.1)
      multi_json (~> 1.11, >= 1.11.2)
      rack (>= 2.0.8, < 3)
      railties (>= 5.2.4.1)
    activerecord-sqlserver-adapter (6.1.2.1)
      activerecord (~> 6.1.0)
      tiny_tds
    activestorage (6.1.7.3)
      actionpack (= 6.1.7.3)
      activejob (= 6.1.7.3)
      activerecord (= 6.1.7.3)
      activesupport (= 6.1.7.3)
      marcel (~> 1.0)
      mini_mime (>= 1.1.0)
    activesupport (6.1.7.3)
      concurrent-ruby (~> 1.0, >= 1.0.2)
      i18n (>= 1.6, < 2)
      minitest (>= 5.1)
      tzinfo (~> 2.0)
      zeitwerk (~> 2.3)
    acts-as-taggable-on (7.0.0)
      activerecord (>= 5.0, < 6.2)
    addressable (2.8.1)
      public_suffix (>= 2.0.2, < 6.0)
    airbrussh (1.4.1)
      sshkit (>= 1.6.1, != 1.7.0)
    ajax_modal_rails (1.0.12)
      rails (>= 4)
    amazing_print (1.4.0)
    ansi (1.5.0)
    anyway_config (2.3.1)
      ruby-next-core (>= 0.14.0)
    ast (2.4.2)
    attr_encrypted (3.1.0)
      encryptor (~> 3.0.0)
    attribute_normalizer (1.2.0)
    authtrail (0.4.3)
      activerecord (>= 5.2)
      railties (>= 5.2)
      warden
    auto-session-timeout (0.9.9)
      actionpack (>= 3.2, < 7.1)
    autoprefixer-rails (10.3.3.0)
      execjs (~> 2)
    aws-eventstream (1.2.0)
    aws-partitions (1.709.0)
    aws-record (2.6.1)
      aws-sdk-dynamodb (~> 1.18)
    aws-sdk-autoscaling (1.76.0)
      aws-sdk-core (~> 3, >= 3.125.0)
      aws-sigv4 (~> 1.1)
    aws-sdk-cloudwatch (1.54.0)
      aws-sdk-core (~> 3, >= 3.119.0)
      aws-sigv4 (~> 1.1)
    aws-sdk-cloudwatchevents (1.49.0)
      aws-sdk-core (~> 3, >= 3.119.0)
      aws-sigv4 (~> 1.1)
    aws-sdk-cloudwatchlogs (1.62.0)
      aws-sdk-core (~> 3, >= 3.165.0)
      aws-sigv4 (~> 1.1)
    aws-sdk-core (3.170.0)
      aws-eventstream (~> 1, >= 1.0.2)
      aws-partitions (~> 1, >= 1.651.0)
      aws-sigv4 (~> 1.5)
      jmespath (~> 1, >= 1.6.1)
    aws-sdk-dynamodb (1.64.0)
      aws-sdk-core (~> 3, >= 3.121.2)
      aws-sigv4 (~> 1.1)
    aws-sdk-ec2 (1.271.0)
      aws-sdk-core (~> 3, >= 3.121.2)
      aws-sigv4 (~> 1.1)
    aws-sdk-ecr (1.44.0)
      aws-sdk-core (~> 3, >= 3.119.0)
      aws-sigv4 (~> 1.1)
    aws-sdk-ecs (1.110.0)
      aws-sdk-core (~> 3, >= 3.165.0)
      aws-sigv4 (~> 1.1)
    aws-sdk-elasticloadbalancingv2 (1.75.0)
      aws-sdk-core (~> 3, >= 3.125.0)
      aws-sigv4 (~> 1.1)
    aws-sdk-glacier (1.41.0)
      aws-sdk-core (~> 3, >= 3.121.2)
      aws-sigv4 (~> 1.1)
    aws-sdk-iam (1.62.0)
      aws-sdk-core (~> 3, >= 3.121.2)
      aws-sigv4 (~> 1.1)
    aws-sdk-kms (1.53.0)
      aws-sdk-core (~> 3, >= 3.125.0)
      aws-sigv4 (~> 1.1)
    aws-sdk-rails (3.6.1)
      aws-record (~> 2)
      aws-sdk-ses (~> 1)
      aws-sdk-sqs (~> 1)
      aws-sessionstore-dynamodb (~> 2)
      concurrent-ruby (~> 1)
      railties (>= 5.2.0)
    aws-sdk-rds (1.128.0)
      aws-sdk-core (~> 3, >= 3.121.2)
      aws-sigv4 (~> 1.1)
    aws-sdk-s3 (1.111.0)
      aws-sdk-core (~> 3, >= 3.125.0)
      aws-sdk-kms (~> 1)
      aws-sigv4 (~> 1.4)
    aws-sdk-secretsmanager (1.51.0)
      aws-sdk-core (~> 3, >= 3.121.2)
      aws-sigv4 (~> 1.1)
    aws-sdk-ses (1.42.0)
      aws-sdk-core (~> 3, >= 3.121.2)
      aws-sigv4 (~> 1.1)
    aws-sdk-sns (1.46.0)
      aws-sdk-core (~> 3, >= 3.121.2)
      aws-sigv4 (~> 1.1)
    aws-sdk-sqs (1.45.0)
      aws-sdk-core (~> 3, >= 3.121.2)
      aws-sigv4 (~> 1.1)
    aws-sdk-ssm (1.128.0)
      aws-sdk-core (~> 3, >= 3.125.0)
      aws-sigv4 (~> 1.1)
    aws-sessionstore-dynamodb (2.0.1)
      aws-sdk-dynamodb (~> 1)
      rack (~> 2)
    aws-sigv4 (1.5.2)
      aws-eventstream (~> 1, >= 1.0.2)
    axiom-types (0.1.1)
      descendants_tracker (~> 0.0.4)
      ice_nine (~> 0.11.0)
      thread_safe (~> 0.3, >= 0.3.1)
    babel-source (5.8.35)
    babel-transpiler (0.7.0)
      babel-source (>= 4.0, < 6)
      execjs (~> 2.0)
    bcrypt (3.1.18)
    bcrypt_pbkdf (1.1.0)
    benchmark-ips (2.10.0)
    bindex (0.8.1)
    bootsnap (1.9.1)
      msgpack (~> 1.0)
    bootstrap (4.6.0)
      autoprefixer-rails (>= 9.1.0)
      popper_js (>= 1.14.3, < 2)
      sassc-rails (>= 2.0.0)
    bootstrap3-datetimepicker-rails (4.17.47)
      momentjs-rails (>= 2.8.1)
    brakeman (5.4.1)
    browser (5.3.1)
    builder (3.2.4)
    bumbler (0.9.0)
    bundler-audit (0.9.0.1)
      bundler (>= 1.2.0, < 3)
      thor (~> 1.0)
    business_time (0.10.0)
      activesupport (>= 3.2.0)
      sorted_set
      tzinfo
    byebug (11.1.3)
    cable_ready (5.0.0.rc2)
      actionpack (>= 5.2)
      actionview (>= 5.2)
      activesupport (>= 5.2)
      railties (>= 5.2)
      thread-local (>= 1.1.0)
    cantor (1.2.1)
    capistrano (3.16.0)
      airbrussh (>= 1.0.0)
      i18n
      rake (>= 10.0.0)
      sshkit (>= 1.9.0)
    capistrano-bundler (2.0.1)
      capistrano (~> 3.1)
    capistrano-passenger (0.2.1)
      capistrano (~> 3.0)
    capistrano-rails (1.6.1)
      capistrano (~> 3.1)
      capistrano-bundler (>= 1.1, < 3)
    capistrano-rvm (0.1.2)
      capistrano (~> 3.0)
      sshkit (~> 1.2)
    capybara (3.38.0)
      addressable
      matrix
      mini_mime (>= 0.1.3)
      nokogiri (~> 1.8)
      rack (>= 1.6.0)
      rack-test (>= 0.6.3)
      regexp_parser (>= 1.5, < 3.0)
      xpath (~> 3.2)
    carrierwave (1.3.2)
      activemodel (>= 4.0.0)
      activesupport (>= 4.0.0)
      mime-types (>= 1.16)
      ssrf_filter (~> 1.0)
    carrierwave-i18n (0.2.0)
    caxlsx (3.3.0)
      htmlentities (~> 4.3, >= 4.3.4)
      marcel (~> 1.0)
      nokogiri (~> 1.10, >= 1.10.4)
      rubyzip (>= 1.3.0, < 3)
    caxlsx_rails (0.6.3)
      actionpack (>= 3.1)
      caxlsx (>= 3.0)
    charlock_holmes (0.7.7)
    childprocess (4.1.0)
    choice (0.2.0)
    chronic (0.10.2)
    chunky_png (1.4.0)
    coderay (1.1.3)
    coercible (1.0.0)
      descendants_tracker (~> 0.0.1)
    coffee-rails (5.0.0)
      coffee-script (>= 2.2.0)
      railties (>= 5.2.0)
    coffee-script (2.4.1)
      coffee-script-source
      execjs
    coffee-script-source (1.12.2)
    combine_pdf (1.0.22)
      matrix
      ruby-rc4 (>= 0.1.5)
    composite_primary_keys (13.0.3)
      activerecord (~> 6.1.0)
    concurrent-ruby (1.2.2)
    crack (0.4.5)
      rexml
    crass (1.0.6)
    css_parser (1.10.0)
      addressable
    curb (0.9.11)
    daemons (1.4.1)
    date (3.3.3)
    dead_end (2.0.1)
    delayed_job (4.1.11)
      activesupport (>= 3.0, < 8.0)
    delayed_job_active_record (4.1.6)
      activerecord (>= 3.0, < 6.2)
      delayed_job (>= 3.0, < 5)
    deprecation_toolkit (2.0.1)
      activesupport (>= 5.2)
    derailed_benchmarks (2.1.1)
      benchmark-ips (~> 2)
      dead_end
      get_process_mem (~> 0)
      heapy (~> 0)
      memory_profiler (>= 0, < 2)
      mini_histogram (>= 0.3.0)
      rack (>= 1)
      rack-test
      rake (> 10, < 14)
      ruby-statistics (>= 2.1)
      thor (>= 0.19, < 2)
    descendants_tracker (0.0.4)
      thread_safe (~> 0.3, >= 0.3.1)
    devise (4.8.1)
      bcrypt (~> 3.0)
      orm_adapter (~> 0.1)
      railties (>= 4.1.0)
      responders
      warden (~> 1.2.3)
    devise-pwned_password (0.1.9)
      devise (~> 4)
      pwned (~> 2.0.0)
    devise-security (0.17.0)
      devise (>= 4.3.0)
    devise-two-factor (4.0.2)
      activesupport (< 7.1)
      attr_encrypted (>= 1.3, < 4, != 2)
      devise (~> 4.0)
      railties (< 7.1)
      rotp (~> 6.0)
    devise_invitable (2.0.5)
      actionmailer (>= 5.0)
      devise (>= 4.6)
    diff-lcs (1.5.0)
    domain_name (0.5.20190701)
      unf (>= 0.0.5, < 1.0.0)
    dotenv (2.7.6)
    dotenv-rails (2.7.6)
      dotenv (= 2.7.6)
      railties (>= 3.2)
    dry-initializer (3.1.1)
    ecma-re-validator (0.4.0)
      regexp_parser (~> 2.2)
    ed25519 (1.3.0)
    email_check (1.0.1)
    encryptor (3.0.0)
    erubi (1.12.0)
    erubis (2.7.0)
    execjs (2.8.1)
    factory_bot (6.2.0)
      activesupport (>= 5.0.0)
    factory_bot_rails (6.2.0)
      factory_bot (~> 6.2.0)
      railties (>= 5.0.0)
    faker (2.19.0)
      i18n (>= 1.6, < 2)
    faraday (2.2.0)
      faraday-net_http (~> 2.0)
      ruby2_keywords (>= 0.0.4)
    faraday-multipart (1.0.4)
      multipart-post (~> 2)
    faraday-net_http (2.1.0)
    fast_gettext (2.1.0)
    ffi (1.15.5)
    ffi-compiler (1.0.1)
      ffi (>= 1.0.0)
      rake
    ffi-geos (2.2.0)
      ffi (>= 1.0.0)
    flamegraph (0.9.5)
    geocoder (1.7.0)
    get_process_mem (0.2.7)
      ffi (~> 1.0)
    gettext (3.4.1)
      locale (>= 2.0.5)
      text (>= 1.3.0)
    gettext_i18n_rails (1.8.1)
      fast_gettext (>= 0.9.0)
    globalid (1.1.0)
      activesupport (>= 5.0)
    gmail (0.7.1)
      gmail_xoauth (>= 0.3.0)
      mail (>= 2.2.1)
    gmail_xoauth (0.4.2)
      oauth (>= 0.3.6)
    graphiql-rails (1.8.0)
      railties
      sprockets-rails
    graphql (2.0.16)
    grosser-pomo (0.5.1)
    grover (1.1.3)
      combine_pdf (~> 1.0)
      nokogiri (~> 1.0)
    haml (5.2.2)
      temple (>= 0.8.0)
      tilt
    haml-rails (2.0.1)
      actionpack (>= 5.1)
      activesupport (>= 5.1)
      haml (>= 4.0.6, < 6.0)
      html2haml (>= 1.0.1)
      railties (>= 5.1)
    hana (1.3.7)
    handlebars_assets (0.23.9)
      execjs (~> 2.0)
      sprockets (>= 2.0.0)
      tilt (>= 1.2)
    hashdiff (1.0.1)
    hashie (5.0.0)
    heapy (0.2.0)
      thor
    highline (2.0.3)
    html2haml (2.2.0)
      erubis (~> 2.7.0)
      haml (>= 4.0, < 6)
      nokogiri (>= 1.6.0)
      ruby_parser (~> 3.5)
    htmlentities (4.3.4)
    http (5.1.0)
      addressable (~> 2.8)
      http-cookie (~> 1.0)
      http-form_data (~> 2.2)
      llhttp-ffi (~> 0.4.0)
    http-accept (1.7.0)
    http-cookie (1.0.4)
      domain_name (~> 0.5)
    http-form_data (2.3.0)
    i18n (1.14.1)
      concurrent-ruby (~> 1.0)
    ice_nine (0.11.2)
    image_processing (1.12.2)
      mini_magick (>= 4.9.5, < 5)
      ruby-vips (>= 2.0.17, < 3)
    iniparse (1.5.0)
    io-console (0.6.0)
    jmespath (1.6.2)
    jquery-minicolors-rails (2.2.6.2)
      jquery-rails
      rails (>= 3.2.8)
    jquery-rails (4.4.0)
      rails-dom-testing (>= 1, < 3)
      railties (>= 4.2.0)
      thor (>= 0.14, < 2.0)
    jquery-ui-rails (6.0.1)
      railties (>= 3.2.16)
    json (2.6.3)
    json_schemer (0.2.24)
      ecma-re-validator (~> 0.3)
      hana (~> 1.3)
      regexp_parser (~> 2.0)
      uri_template (~> 0.7)
    jwt (2.7.0)
    kaminari (1.2.1)
      activesupport (>= 4.1.0)
      kaminari-actionview (= 1.2.1)
      kaminari-activerecord (= 1.2.1)
      kaminari-core (= 1.2.1)
    kaminari-actionview (1.2.1)
      actionview
      kaminari-core (= 1.2.1)
    kaminari-activerecord (1.2.1)
      activerecord
      kaminari-core (= 1.2.1)
    kaminari-core (1.2.1)
    kiba (4.0.0)
    kiba-common (1.5.0)
      kiba (>= 3.0.0, < 5)
    linefit (0.3.4)
    list_matcher (1.1.8)
    llhttp-ffi (0.4.0)
      ffi-compiler (~> 1.0)
      rake (~> 13.0)
    locale (2.1.3)
    lograge (0.11.2)
      actionpack (>= 4)
      activesupport (>= 4)
      railties (>= 4)
      request_store (~> 1.0)
    logstop (0.2.7)
    loofah (2.21.3)
      crass (~> 1.0.2)
      nokogiri (>= 1.12.0)
    mail (2.8.1)
      mini_mime (>= 0.1.1)
      net-imap
      net-pop
      net-smtp
    marcel (1.0.2)
    marginalia (1.11.1)
      actionpack (>= 5.2)
      activerecord (>= 5.2)
    matrix (0.4.2)
    maxminddb (0.1.22)
    memery (1.4.1)
      ruby2_keywords (~> 0.0.2)
    memory_profiler (1.0.0)
    method_source (1.0.0)
    mime-types (3.4.1)
      mime-types-data (~> 3.2015)
    mime-types-data (3.2021.1115)
    mimemagic (0.4.3)
      nokogiri (~> 1)
      rake
    mini_histogram (0.3.1)
    mini_magick (4.11.0)
    mini_mime (1.1.2)
    mini_portile2 (2.8.2)
    minitest (5.18.0)
    minitest-reporters (1.4.3)
      ansi
      builder
      minitest (>= 5.0)
      ruby-progressbar
    momentjs-rails (2.20.1)
      railties (>= 3.1)
    msgpack (1.4.2)
    multi_json (1.15.0)
    multi_xml (0.6.0)
    multipart-post (2.3.0)
    net-http (0.3.2)
      uri
    net-imap (0.3.4)
      date
      net-protocol
    net-pop (0.1.2)
      net-protocol
    net-protocol (0.2.1)
      timeout
    net-scp (4.0.0)
      net-ssh (>= 2.6.5, < 8.0.0)
    net-sftp (4.0.0)
      net-ssh (>= 5.0.0, < 8.0.0)
    net-smtp (0.3.3)
      net-protocol
    net-ssh (7.0.1)
    netrc (0.11.0)
    nio4r (2.5.9)
    nokogiri (1.15.2)
      mini_portile2 (~> 2.8.2)
      racc (~> 1.4)
    nokogiri (1.15.2-aarch64-linux)
      racc (~> 1.4)
    nokogiri (1.15.2-x86_64-darwin)
      racc (~> 1.4)
    nokogiri (1.15.2-x86_64-linux)
      racc (~> 1.4)
    oauth (0.5.6)
    oauth2 (2.0.9)
      faraday (>= 0.17.3, < 3.0)
      jwt (>= 1.0, < 3.0)
      multi_xml (~> 0.5)
      rack (>= 1.2, < 4)
      snaky_hash (~> 2.0)
      version_gem (~> 1.1)
    oj (3.13.10)
    omniauth (2.1.1)
      hashie (>= 3.4.6)
      rack (>= 2.2.3)
      rack-protection
    omniauth-oauth2 (1.7.3)
      oauth2 (>= 1.4, < 3)
      omniauth (>= 1.9, < 3)
    omniauth-rails_csrf_protection (1.0.1)
      actionpack (>= 4.2)
      omniauth (~> 2.0)
    options (2.3.2)
    order_as_specified (1.7)
      activerecord (>= 5.0.0)
    orm_adapter (0.5.0)
    overcommit (0.60.0)
      childprocess (>= 0.6.3, < 5)
      iniparse (~> 1.4)
      rexml (~> 3.2)
    pagy (5.1.2)
    paper_trail (14.0.0)
      activerecord (>= 6.0)
      request_store (~> 1.4)
    parallel (1.22.1)
    paranoia (2.4.3)
      activerecord (>= 4.0, < 6.2)
    parser (3.1.2.1)
      ast (~> 2.4.1)
    pg (1.4.5)
    popper_js (1.16.0)
    premailer (1.15.0)
      addressable
      css_parser (>= 1.6.0)
      htmlentities (>= 4.0.0)
    pretender (0.3.4)
      actionpack (>= 4.2)
    progress_bar (1.3.3)
      highline (>= 1.6, < 3)
      options (~> 2.3.0)
    prometheus-client (2.1.0)
    pry (0.14.1)
      coderay (~> 1.1)
      method_source (~> 1.0)
    pry-rails (0.3.9)
      pry (>= 0.10.4)
    public_suffix (5.0.1)
    puma (4.3.12)
      nio4r (~> 2.0)
    pwned (2.0.2)
    racc (1.6.2)
    rack (2.2.7)
    rack-attack (6.5.0)
      rack (>= 1.0, < 3)
    rack-cors (1.1.1)
      rack (>= 2.0.0)
    rack-mini-profiler (2.3.3)
      rack (>= 1.2.0)
    rack-protection (3.0.5)
      rack
    rack-test (2.1.0)
      rack (>= 1.3)
    rails (6.1.7.3)
      actioncable (= 6.1.7.3)
      actionmailbox (= 6.1.7.3)
      actionmailer (= 6.1.7.3)
      actionpack (= 6.1.7.3)
      actiontext (= 6.1.7.3)
      actionview (= 6.1.7.3)
      activejob (= 6.1.7.3)
      activemodel (= 6.1.7.3)
      activerecord (= 6.1.7.3)
      activestorage (= 6.1.7.3)
      activesupport (= 6.1.7.3)
      bundler (>= 1.15.0)
      railties (= 6.1.7.3)
      sprockets-rails (>= 2.0.0)
    rails-controller-testing (1.0.5)
      actionpack (>= 5.0.1.rc1)
      actionview (>= 5.0.1.rc1)
      activesupport (>= 5.0.1.rc1)
    rails-dom-testing (2.0.3)
      activesupport (>= 4.2.0)
      nokogiri (>= 1.6)
    rails-erd (1.6.1)
      activerecord (>= 4.2)
      activesupport (>= 4.2)
      choice (~> 0.2.0)
      ruby-graphviz (~> 1.2)
    rails-html-sanitizer (1.6.0)
      loofah (~> 2.21)
      nokogiri (~> 1.14)
    railties (6.1.7.3)
      actionpack (= 6.1.7.3)
      activesupport (= 6.1.7.3)
      method_source
      rake (>= 12.2)
      thor (~> 1.0)
    rainbow (3.1.1)
    rake (13.0.6)
    rbtree (0.4.6)
    rdoc (6.3.2)
    redcarpet (3.5.1)
    redis (4.5.1)
    redis-actionpack (5.2.0)
      actionpack (>= 5, < 7)
      redis-rack (>= 2.1.0, < 3)
      redis-store (>= 1.1.0, < 2)
    redis-rack (2.1.3)
      rack (>= 2.0.8, < 3)
      redis-store (>= 1.2, < 2)
    redis-store (1.9.0)
      redis (>= 4, < 5)
    regexp_parser (2.6.2)
    reline (0.3.2)
      io-console (~> 0.5)
    request_store (1.5.1)
      rack (>= 1.4)
    responders (3.0.1)
      actionpack (>= 5.0)
      railties (>= 5.0)
    rest-client (2.1.0)
      http-accept (>= 1.7.0, < 2.0)
      http-cookie (>= 1.0.2, < 2.0)
      mime-types (>= 1.16, < 4.0)
      netrc (~> 0.8)
    rexml (3.2.5)
    rgeo (2.4.0)
    rgeo-activerecord (7.0.1)
      activerecord (>= 5.0)
      rgeo (>= 1.0.0)
    rgeo-geojson (2.1.1)
      rgeo (>= 1.0.0)
    rgeo-proj4 (3.1.1)
      rgeo (~> 2.0)
    roo (2.9.0)
      nokogiri (~> 1)
      rubyzip (>= 1.3.0, < 3.0.0)
    roo-xls (1.2.0)
      nokogiri
      roo (>= 2.0.0, < 3)
      spreadsheet (> 0.9.0)
    rotp (6.2.0)
    rqrcode (0.10.1)
      chunky_png (~> 1.0)
    rqrcode-rails3 (0.1.7)
      rqrcode (>= 0.4.2)
    rserve-client (0.3.5)
    rserve-simpler (0.0.6)
      rserve-client (~> 0.3.0)
    rspec-core (3.11.0)
      rspec-support (~> 3.11.0)
    rspec-expectations (3.11.0)
      diff-lcs (>= 1.2.0, < 2.0)
      rspec-support (~> 3.11.0)
    rspec-mocks (3.11.1)
      diff-lcs (>= 1.2.0, < 2.0)
      rspec-support (~> 3.11.0)
    rspec-rails (5.0.2)
      actionpack (>= 5.2)
      activesupport (>= 5.2)
      railties (>= 5.2)
      rspec-core (~> 3.10)
      rspec-expectations (~> 3.10)
      rspec-mocks (~> 3.10)
      rspec-support (~> 3.10)
    rspec-support (3.11.0)
    rubocop (1.35.0)
      json (~> 2.3)
      parallel (~> 1.10)
      parser (>= 3.1.2.1)
      rainbow (>= 2.2.2, < 4.0)
      regexp_parser (>= 1.8, < 3.0)
      rexml (>= 3.2.5, < 4.0)
      rubocop-ast (>= 1.20.1, < 2.0)
      ruby-progressbar (~> 1.7)
      unicode-display_width (>= 1.4.0, < 3.0)
    rubocop-ast (1.21.0)
      parser (>= 3.1.1.0)
    rubocop-rails (2.12.4)
      activesupport (>= 4.2.0)
      rack (>= 1.1)
      rubocop (>= 1.7.0, < 2.0)
    rubocop-rspec (2.5.0)
      rubocop (~> 1.19)
    ruby-filemagic (0.7.3)
    ruby-graphviz (1.2.5)
      rexml
    ruby-mailchecker (4.0.13)
    ruby-next-core (0.15.3)
    ruby-ole (1.2.12.2)
    ruby-prof (1.4.3)
    ruby-progressbar (1.11.0)
    ruby-rc4 (0.1.5)
    ruby-statistics (3.0.0)
    ruby-vips (2.1.4)
      ffi (~> 1.12)
    ruby2_keywords (0.0.5)
    rubyXL (3.4.25)
      nokogiri (>= 1.10.8)
      rubyzip (>= 1.3.0)
    ruby_parser (3.20.0)
      sexp_processor (~> 4.16)
    rubyzip (2.3.2)
    sassc (2.4.0)
      ffi (~> 1.9)
    sassc-rails (2.1.2)
      railties (>= 4.0.0)
      sassc (>= 2.0)
      sprockets (> 3.0)
      sprockets-rails
      tilt
    scenic (1.5.4)
      activerecord (>= 4.0.0)
      railties (>= 4.0.0)
    sdoc (2.2.0)
      rdoc (>= 5.0)
    sentry-rails (5.7.0)
      railties (>= 5.0)
      sentry-ruby (~> 5.7.0)
    sentry-ruby (5.7.0)
      concurrent-ruby (~> 1.0, >= 1.0.2)
    set (1.0.1)
    sexp_processor (4.16.1)
    shoulda (4.0.0)
      shoulda-context (~> 2.0)
      shoulda-matchers (~> 4.0)
    shoulda-context (2.0.0)
    shoulda-matchers (4.5.1)
      activesupport (>= 4.2.0)
    simple_form (5.1.0)
      actionpack (>= 5.2)
      activemodel (>= 5.2)
    slack-notifier (2.4.0)
    snaky_hash (2.0.1)
      hashie
      version_gem (~> 1.1, >= 1.1.1)
    sniffer (0.5.0)
      anyway_config (>= 1.0)
      dry-initializer (~> 3)
    sorted_set (1.0.3)
      rbtree
      set (~> 1.0)
    soundex (0.1.2)
    spreadsheet (1.3.0)
      ruby-ole
    spring (3.0.0)
    sprockets (4.2.0)
      concurrent-ruby (~> 1.0)
      rack (>= 2.2.4, < 4)
    sprockets-rails (3.4.2)
      actionpack (>= 5.2)
      activesupport (>= 5.2)
      sprockets (>= 3.0.0)
    sshkit (1.21.3)
      net-scp (>= 1.1.2)
      net-ssh (>= 2.8.0)
    ssrf_filter (1.0.7)
    stackprof (0.2.17)
    strong_migrations (1.4.4)
      activerecord (>= 5.2)
    sync (0.5.0)
    temple (0.8.2)
    term-ansicolor (1.7.1)
      tins (~> 1.0)
    terser (1.1.12)
      execjs (>= 0.3.0, < 3)
    text (1.3.1)
    thor (1.2.2)
    thread-local (1.1.0)
    thread_safe (0.3.6)
    tilt (2.0.10)
    timecop (0.9.4)
    timeout (0.3.2)
    tins (1.32.1)
      sync
    tiny_tds (2.1.5)
    todo_or_die (0.0.4)
    tzinfo (2.0.6)
      concurrent-ruby (~> 1.0)
    unf (0.1.4)
      unf_ext
    unf_ext (0.0.8)
    unicode-display_width (2.2.0)
    uri (0.12.1)
    uri_template (0.7.0)
    validate_url (1.0.13)
      activemodel (>= 3.0.0)
      public_suffix
    validates_email_format_of (1.6.3)
      i18n
    vcr (6.1.0)
    version_gem (1.1.1)
    virtus (2.0.0)
      axiom-types (~> 0.1)
      coercible (~> 1.0)
      descendants_tracker (~> 0.0, >= 0.0.3)
    warden (1.2.9)
      rack (>= 2.0.9)
    warning (1.3.0)
    web-console (4.1.0)
      actionview (>= 6.0.0)
      activemodel (>= 6.0.0)
      bindex (>= 0.4.0)
      railties (>= 6.0.0)
    webmock (3.14.0)
      addressable (>= 2.8.0)
      crack (>= 0.3.2)
      hashdiff (>= 0.4.0, < 2.0.0)
    websocket-driver (0.7.5)
      websocket-extensions (>= 0.1.0)
    websocket-extensions (0.1.5)
    whenever (1.0.0)
      chronic (>= 0.6.3)
    with_advisory_lock (4.6.0)
      activerecord (>= 4.2)
    xpath (3.2.0)
      nokogiri (~> 1.8)
    yabeda (0.11.0)
      anyway_config (>= 1.0, < 3)
      concurrent-ruby
      dry-initializer
    yabeda-activerecord (0.1.0)
      activerecord (>= 6.0)
      yabeda (~> 0.6)
    yabeda-graphql (0.2.2)
      graphql (>= 1.9, < 3)
      yabeda (~> 0.2)
    yabeda-http_requests (0.2.0)
      sniffer
      yabeda
    yabeda-prometheus (0.8.0)
      prometheus-client (>= 0.10, < 3.0)
      rack
      yabeda (~> 0.10)
    yabeda-puma-plugin (0.7.1)
      json
      puma
      yabeda (~> 0.5)
    yabeda-rails (0.8.1)
      activesupport
      anyway_config (>= 1.3, < 3)
      railties
      yabeda (~> 0.8)
    zeitwerk (2.6.8)

PLATFORMS
  aarch64-linux
  ruby
  x86_64-darwin-20
  x86_64-linux-musl

DEPENDENCIES
  active_median
  active_record_distinct_on
  active_record_extended
  active_record_query_trace
  activerecord (>= 6.1.7.3)
  activerecord-import
  activerecord-postgis-adapter
  activerecord-session_store
  activerecord-sqlserver-adapter
  acts-as-taggable-on (~> 7.0)
  addressable
  ajax_modal_rails (~> 1.0)
  amazing_print
  ansi
  attr_encrypted (~> 3.1.0)
  attribute_normalizer
  authtrail
  auto-session-timeout
  autoprefixer-rails (~> 10.3.3)
  aws-sdk-autoscaling (~> 1)
  aws-sdk-cloudwatch (~> 1)
  aws-sdk-cloudwatchevents (~> 1)
  aws-sdk-cloudwatchlogs (~> 1)
  aws-sdk-dynamodb
  aws-sdk-ec2 (~> 1)
  aws-sdk-ecr (~> 1)
  aws-sdk-ecs (~> 1)
  aws-sdk-elasticloadbalancingv2 (~> 1)
  aws-sdk-glacier (~> 1)
  aws-sdk-iam (~> 1)
  aws-sdk-rails
  aws-sdk-rds (~> 1)
  aws-sdk-s3 (~> 1)
  aws-sdk-secretsmanager (~> 1)
  aws-sdk-ses (~> 1)
  aws-sdk-sns
  aws-sdk-ssm (~> 1)
  babel-transpiler
  bcrypt
  bcrypt_pbkdf
  bootsnap
  bootstrap (~> 4.3)
  bootstrap3-datetimepicker-rails (~> 4.17.42)
  brakeman
  browser
  bumbler
  bundler-audit
  business_time (~> 0.10.0)
  byebug
  cable_ready (>= 5.0.0.rc2)
  capistrano-bundler
  capistrano-passenger
  capistrano-rails
  capistrano-rvm
  capybara
  carrierwave (~> 1)
  carrierwave-aws!
  carrierwave-i18n
  caxlsx
  caxlsx_rails
  census_api!
  charlock_holmes
  coffee-rails
  combine_pdf
  composite_primary_keys (= 13.0.3)
  curb
  daemons
  delayed_job
  delayed_job_active_record
  deprecation_toolkit
  derailed_benchmarks
  devise (~> 4)
  devise-pwned_password
  devise-security
  devise-two-factor
  devise_invitable (~> 2.0)
  dotenv-rails
  ed25519
  email_check
  encryptor
  execjs
  factory_bot_rails
  faker (>= 1.7.2)
  faraday (~> 2.2.0)
  fast_gettext
  ffi
  ffi-geos
  flamegraph
  geocoder
  get_process_mem
  gettext (>= 3.0.2)
  gettext_i18n_rails
  gmail
  graphiql-rails
  graphql (~> 2.0)
  grosser-pomo
  grover
  haml-rails
  handlebars_assets
  hellosign-ruby-sdk!
  html2haml
  htmlentities
  image_processing
  jquery-minicolors-rails
  jquery-rails
  jquery-ui-rails
  json
  json_schemer
  kaminari
  kiba
  kiba-common
  linefit
  list_matcher
  lograge
  logstop
  loofah (>= 2.19.1)
  marginalia
  maxminddb
  memery
  memory_profiler
  mimemagic
  mini_magick
  minitest-reporters
  net-http
  net-sftp
  net-ssh (~> 7)
  nokogiri (>= 1.13.10)
  nominatim!
  oauth2
  oj
  omniauth (~> 2.1)
  omniauth-oauth2 (~> 1.7.3)
  omniauth-rails_csrf_protection (~> 1.0.1)
  order_as_specified
  overcommit
  pagy
  paper_trail
  parallel
  paranoia (~> 2.0)
  pg
  pg_fixtures!
  premailer
  pretender
  progress_bar
  pry-rails
  puma (~> 4.3.11)
  rack (>= 2.2.6.3)
  rack-attack
  rack-cors
  rack-mini-profiler
  rails (~> 6.1)
  rails-controller-testing
  rails-erd
  rails-html-sanitizer (>= 1.4.4)
  rails_drivers!
  redcarpet
  redis-actionpack
  reline
  responders
  rest-client (~> 2.0)
  rexml
  rgeo
  rgeo-geojson
  rgeo-proj4
  roo
  roo-xls
  rqrcode (~> 0.4)
  rqrcode-rails3
  rserve-client
  rserve-simpler
  rspec-mocks
  rspec-rails
  rubocop
  rubocop-rails
  rubocop-rspec
  ruby-filemagic
  ruby-mailchecker
  ruby-prof
  rubyXL
  rubyzip (>= 1.2.1)
  sassc-rails
  scenic
  sdoc
  sentry-rails (~> 5.5)
  shoulda
  simple_form
  slack-notifier
  soundex
  spring
  sprockets (~> 4.0)
  sshkit
  stackprof
  strong_migrations
  stupidedi!
  terser
  text
  timecop
  tiny_tds
  todo_or_die
  validate_url
  validates_email_format_of
  vcr
  virtus
  warning
  web-console
  webmock
  whenever
  with_advisory_lock
  yabeda-activerecord
  yabeda-graphql
  yabeda-http_requests
  yabeda-prometheus
  yabeda-puma-plugin
  yabeda-rails

BUNDLED WITH
   2.4.13
